PATH
  remote: .
  specs:
    circuit_breaker-ruby (0.1.3)
      rake (>= 10)
      rspec (>= 3)

GEM
  remote: https://rubygems.org/
  specs:
    diff-lcs (1.2.5)
    rake (12.3.3)
    rspec (3.5.0)
      rspec-core (~> 3.5.0)
      rspec-expectations (~> 3.5.0)
      rspec-mocks (~> 3.5.0)
    rspec-core (3.5.3)
      rspec-support (~> 3.5.0)
    rspec-expectations (3.5.0)
      diff-lcs (>= 1.2.0, < 2.0)
      rspec-support (~> 3.5.0)
    rspec-mocks (3.5.0)
      diff-lcs (>= 1.2.0, < 2.0)
      rspec-support (~> 3.5.0)
    rspec-support (3.5.0)
    timecop (0.8.1)

PLATFORMS
  ruby

DEPENDENCIES
  circuit_breaker-ruby!
  rake
  rspec (>= 3.1)
  timecop (~> 0.8.1)

BUNDLED WITH
   1.16.1
